GEM
  remote: https://rubygems.org/
  specs:
    RubyInline (3.14.1)
      ZenTest (~> 4.3)
    ZenTest (4.12.2)
    byebug (11.1.3)
    fuzzy-string-match (1.0.1)
      RubyInline (>= 3.8.6)

PLATFORMS
  ruby
  x86_64-darwin-22

DEPENDENCIES
  byebug
  fuzzy-string-match

RUBY VERSION
   ruby 3.3.0p0

BUNDLED WITH
   2.5.11
